PATH
  remote: .
  specs:
    flttr (1.3.0)
      dotenv
      gli (~> 2.21.0)
      highline (~> 2.0.0)
      jwt (~> 2.7.0)

GEM
  remote: https://rubygems.org/
  specs:
    dotenv (2.8.1)
    gli (2.21.0)
    highline (2.0.3)
    jwt (2.7.1)
    minitest (5.18.0)
    rake (0.9.6)
    rdoc (4.3.0)

PLATFORMS
  ruby

DEPENDENCIES
  dotenv
  flttr!
  highline (>= 2.0.0)
  jwt (>= 2.7.0)
  minitest (~> 5.14)
  rake (~> 0.9.2)
  rdoc (~> 4.3)

BUNDLED WITH
   2.1.4
