PATH
  remote: .
  specs:
    flttr (0.1.0)
      gli (~> 2.21.0)

GEM
  remote: https://rubygems.org/
  specs:
    gli (2.21.0)
    minitest (5.18.0)
    rake (0.9.6)
    rdoc (4.3.0)

PLATFORMS
  ruby

DEPENDENCIES
  flttr!
  minitest (~> 5.14)
  rake (~> 0.9.2)
  rdoc (~> 4.3)

BUNDLED WITH
   2.1.4
